GEM
  remote: https://rubygems.org/
  specs:
    addressable (2.4.0)
    capybara (2.6.0)
      addressable
      mime-types (>= 1.16)
      nokogiri (>= 1.3.3)
      rack (>= 1.0.0)
      rack-test (>= 0.5.4)
      xpath (~> 2.0)
    coveralls (0.8.10)
      json (~> 1.8)
      rest-client (>= 1.6.8, < 2)
      simplecov (~> 0.11.0)
      term-ansicolor (~> 1.3)
      thor (~> 0.19.1)
      tins (~> 1.6.0)
    diff-lcs (1.2.5)
    docile (1.1.5)
    domain_name (0.5.25)
      unf (>= 0.0.5, < 1.0.0)
    dotenv (2.1.0)
    http-cookie (1.0.2)
      domain_name (~> 0.5)
    http_router (0.11.2)
      rack (>= 1.0.0)
      url_mount (~> 0.2.1)
    json (1.8.3)
    lotus-controller (0.5.1)
      lotus-utils (~> 0.6)
      lotus-validations (~> 0.4)
      rack (~> 1.6, >= 1.6.2)
    lotus-helpers (0.2.6)
      lotus-utils (~> 0.6)
    lotus-mailer (0.1.0)
      lotus-utils (~> 0.5)
      mail (~> 2.5)
      tilt (~> 2.0, >= 2.0.1)
    lotus-model (0.5.2)
      lotus-utils (~> 0.6)
      sequel (~> 4.9)
    lotus-router (0.5.1)
      http_router (~> 0.11)
      lotus-utils (~> 0.6)
    lotus-utils (0.6.1)
    lotus-validations (0.4.0)
      lotus-utils (~> 0.6)
    lotus-view (0.5.0)
      lotus-utils (~> 0.6)
      tilt (~> 2.0, >= 2.0.1)
    lotusrb (0.5.0)
      dotenv (~> 2.0)
      lotus-controller (~> 0.4, >= 0.4.5)
      lotus-helpers (~> 0.2, >= 0.2.5)
      lotus-mailer (~> 0.1)
      lotus-router (~> 0.4, >= 0.4.3)
      lotus-utils (~> 0.5, >= 0.5.2)
      lotus-view (~> 0.4, >= 0.4.4)
      shotgun (~> 0.9)
      thor (~> 0.19)
    mail (2.6.3)
      mime-types (>= 1.16, < 3)
    mime-types (2.99)
    mini_portile2 (2.0.0)
    netrc (0.11.0)
    nokogiri (1.6.7.2)
      mini_portile2 (~> 2.0.0.rc2)
    pg (0.18.4)
    rack (1.6.4)
    rack-test (0.6.3)
      rack (>= 1.0)
    rake (10.5.0)
    rest-client (1.8.0)
      http-cookie (>= 1.0.2, < 2.0)
      mime-types (>= 1.16, < 3.0)
      netrc (~> 0.7)
    rspec (3.4.0)
      rspec-core (~> 3.4.0)
      rspec-expectations (~> 3.4.0)
      rspec-mocks (~> 3.4.0)
    rspec-core (3.4.1)
      rspec-support (~> 3.4.0)
    rspec-expectations (3.4.0)
      diff-lcs (>= 1.2.0, < 2.0)
      rspec-support (~> 3.4.0)
    rspec-mocks (3.4.1)
      diff-lcs (>= 1.2.0, < 2.0)
      rspec-support (~> 3.4.0)
    rspec-support (3.4.1)
    sequel (4.30.0)
    shotgun (0.9.1)
      rack (>= 1.0)
    simplecov (0.11.1)
      docile (~> 1.1.0)
      json (~> 1.8)
      simplecov-html (~> 0.10.0)
    simplecov-html (0.10.0)
    term-ansicolor (1.3.2)
      tins (~> 1.0)
    thor (0.19.1)
    tilt (2.0.2)
    tins (1.6.0)
    unf (0.1.4)
      unf_ext
    unf_ext (0.0.7.1)
    url_mount (0.2.1)
      rack
    xpath (2.0.0)
      nokogiri (~> 1.3)

PLATFORMS
  ruby

DEPENDENCIES
  bundler
  capybara
  coveralls
  lotus-model (~> 0.5.0)
  lotusrb (~> 0.5.0)
  pg (~> 0.18)
  rake
  rspec

BUNDLED WITH
   1.11.2
